PATH
  remote: .
  specs:
    mjit (0.1.0)

GEM
  remote: https://rubygems.org/
  specs:
    rake (10.5.0)
    rake-compiler (1.0.4)
      rake

PLATFORMS
  ruby

DEPENDENCIES
  bundler
  mjit!
  rake
  rake-compiler

BUNDLED WITH
   1.16.1
